GIT
  remote: https://github.com/ncbo/goo.git
  revision: 39f67ab7fae7675b6ff417ace0ab923e40ffcbcd
  branch: master
  specs:
    goo (0.0.2)
      addressable (~> 2.8)
      pry
      rdf (= 1.0.8)
      redis
      request_store
      rest-client
      rsolr
      sparql-client
      uuid

GIT
  remote: https://github.com/ncbo/ncbo_annotator.git
  revision: 95da15aad0168200703c0306c6bd714dc06f4d3d
  branch: master
  specs:
    ncbo_annotator (0.0.1)
      goo
      ontologies_linked_data
      redis
      ruby-xxHash

GIT
  remote: https://github.com/ncbo/ontologies_linked_data.git
  revision: 536cbe5cef9e23abc299ed44942c0b3966f9c18d
  branch: master
  specs:
    ontologies_linked_data (0.0.1)
      activesupport
      bcrypt
      goo
      json
      libxml-ruby
      multi_json
      oj
      omni_logger
      pony
      rack
      rack-test
      rsolr
      rubyzip

GIT
  remote: https://github.com/ncbo/sparql-client.git
  revision: e89c26aa96f184dbe9b52d51e04fb3d9ba998dbc
  branch: master
  specs:
    sparql-client (1.0.1)
      json_pure (>= 1.4)
      net-http-persistent (= 2.9.4)
      rdf (>= 1.0)

PATH
  remote: .
  specs:
    ncbo_cron (0.0.1)
      dante
      faraday (~> 2)
      faraday-follow_redirects (~> 0)
      goo
      google-analytics-data
      mlanett-redis-lock
      multi_json
      ncbo_annotator
      ontologies_linked_data
      redis
      rufus-scheduler (~> 2.0.24)

GEM
  remote: https://rubygems.org/
  specs:
    activesupport (3.2.22.5)
      i18n (~> 0.6, >= 0.6.4)
      multi_json (~> 1.0)
    addressable (2.8.7)
      public_suffix (>= 2.0.2, < 7.0)
    base64 (0.2.0)
    bcrypt (3.1.20)
    bigdecimal (3.1.8)
    builder (3.3.0)
    childprocess (5.1.0)
      logger (~> 1.5)
    coderay (1.1.3)
    concurrent-ruby (1.3.4)
    connection_pool (2.4.1)
    cube-ruby (0.0.3)
    dante (0.2.0)
    date (3.4.1)
    declarative (0.0.20)
    docile (1.4.1)
    domain_name (0.6.20240107)
    email_spec (2.3.0)
      htmlentities (~> 4.3.3)
      launchy (>= 2.1, < 4.0)
      mail (~> 2.7)
    faraday (2.12.1)
      faraday-net_http (>= 2.0, < 3.5)
      json
      logger
    faraday-follow_redirects (0.3.0)
      faraday (>= 1, < 3)
    faraday-net_http (3.4.0)
      net-http (>= 0.5.0)
    faraday-retry (2.2.1)
      faraday (~> 2.0)
    ffi (1.17.0)
    gapic-common (0.23.0)
      faraday (>= 1.9, < 3.a)
      faraday-retry (>= 1.0, < 3.a)
      google-protobuf (>= 3.25, < 5.a)
      googleapis-common-protos (~> 1.6)
      googleapis-common-protos-types (~> 1.15)
      googleauth (~> 1.11)
      grpc (~> 1.65)
    google-analytics-data (0.6.1)
      google-analytics-data-v1beta (>= 0.11, < 2.a)
      google-cloud-core (~> 1.6)
    google-analytics-data-v1beta (0.13.1)
      gapic-common (>= 0.21.1, < 2.a)
      google-cloud-errors (~> 1.0)
    google-apis-analytics_v3 (0.16.0)
      google-apis-core (>= 0.15.0, < 2.a)
    google-apis-core (0.15.1)
      addressable (~> 2.5, >= 2.5.1)
      googleauth (~> 1.9)
      httpclient (>= 2.8.3, < 3.a)
      mini_mime (~> 1.0)
      mutex_m
      representable (~> 3.0)
      retriable (>= 2.0, < 4.a)
    google-cloud-core (1.7.1)
      google-cloud-env (>= 1.0, < 3.a)
      google-cloud-errors (~> 1.0)
    google-cloud-env (2.2.1)
      faraday (>= 1.0, < 3.a)
    google-cloud-errors (1.4.0)
    google-protobuf (4.29.0)
      bigdecimal
      rake (>= 13)
    google-protobuf (4.29.0-aarch64-linux)
      bigdecimal
      rake (>= 13)
    google-protobuf (4.29.0-arm64-darwin)
      bigdecimal
      rake (>= 13)
    google-protobuf (4.29.0-x86_64-linux)
      bigdecimal
      rake (>= 13)
    googleapis-common-protos (1.6.0)
      google-protobuf (>= 3.18, < 5.a)
      googleapis-common-protos-types (~> 1.7)
      grpc (~> 1.41)
    googleapis-common-protos-types (1.16.0)
      google-protobuf (>= 3.18, < 5.a)
    googleauth (1.11.2)
      faraday (>= 1.0, < 3.a)
      google-cloud-env (~> 2.1)
      jwt (>= 1.4, < 3.0)
      multi_json (~> 1.11)
      os (>= 0.9, < 2.0)
      signet (>= 0.16, < 2.a)
    grpc (1.67.0)
      google-protobuf (>= 3.25, < 5.0)
      googleapis-common-protos-types (~> 1.0)
    grpc (1.67.0-aarch64-linux)
      google-protobuf (>= 3.25, < 5.0)
      googleapis-common-protos-types (~> 1.0)
    grpc (1.67.0-arm64-darwin)
      google-protobuf (>= 3.25, < 5.0)
      googleapis-common-protos-types (~> 1.0)
    grpc (1.67.0-x86_64-linux)
      google-protobuf (>= 3.25, < 5.0)
      googleapis-common-protos-types (~> 1.0)
    htmlentities (4.3.4)
    http-accept (1.7.0)
    http-cookie (1.0.7)
      domain_name (~> 0.5)
    httpclient (2.8.3)
    i18n (0.9.5)
      concurrent-ruby (~> 1.0)
    json (2.8.2)
    json_pure (2.8.1)
    jwt (2.9.3)
      base64
    launchy (3.0.1)
      addressable (~> 2.8)
      childprocess (~> 5.0)
    libxml-ruby (5.0.3)
    logger (1.6.2)
    macaddr (1.7.2)
      systemu (~> 2.6.5)
    mail (2.8.1)
      mini_mime (>= 0.1.1)
      net-imap
      net-pop
      net-smtp
    method_source (1.1.0)
    mime-types (3.6.0)
      logger
      mime-types-data (~> 3.2015)
    mime-types-data (3.2024.1105)
    mini_mime (1.1.5)
    minitest (4.7.5)
    mlanett-redis-lock (0.2.7)
      redis
    multi_json (1.15.0)
    mutex_m (0.3.0)
    net-http (0.6.0)
      uri
    net-http-persistent (2.9.4)
    net-imap (0.4.18)
      date
      net-protocol
    net-pop (0.1.2)
      net-protocol
    net-protocol (0.2.2)
      timeout
    net-smtp (0.5.0)
      net-protocol
    netrc (0.11.0)
    oj (3.16.7)
      bigdecimal (>= 3.0)
      ostruct (>= 0.2)
    omni_logger (0.1.4)
      logger
    os (1.1.4)
    ostruct (0.6.1)
    parseconfig (1.1.2)
    pony (1.13.1)
      mail (>= 2.0)
    pry (0.15.0)
      coderay (~> 1.1)
      method_source (~> 1.0)
    public_suffix (6.0.1)
    rack (3.1.8)
    rack-test (2.1.0)
      rack (>= 1.3)
    rake (13.2.1)
    rdf (1.0.8)
      addressable (>= 2.2)
    redis (5.3.0)
      redis-client (>= 0.22.0)
    redis-client (0.22.2)
      connection_pool
    representable (3.2.0)
      declarative (< 0.1.0)
      trailblazer-option (>= 0.1.1, < 0.2.0)
      uber (< 0.2.0)
    request_store (1.7.0)
      rack (>= 1.4)
    rest-client (2.1.0)
      http-accept (>= 1.7.0, < 2.0)
      http-cookie (>= 1.0.2, < 2.0)
      mime-types (>= 1.16, < 4.0)
      netrc (~> 0.8)
    retriable (3.1.2)
    rexml (3.3.9)
    rsolr (2.6.0)
      builder (>= 2.1.2)
      faraday (>= 0.9, < 3, != 2.0.0)
    ruby-xxHash (0.4.0.2)
    rubyzip (2.3.2)
    rufus-scheduler (2.0.24)
      tzinfo (>= 0.3.22)
    signet (0.19.0)
      addressable (~> 2.8)
      faraday (>= 0.17.5, < 3.a)
      jwt (>= 1.5, < 3.0)
      multi_json (~> 1.10)
    simplecov (0.22.0)
      docile (~> 1.1)
      simplecov-html (~> 0.11)
      simplecov_json_formatter (~> 0.1)
    simplecov-cobertura (2.1.0)
      rexml
      simplecov (~> 0.19)
    simplecov-html (0.13.1)
    simplecov_json_formatter (0.1.4)
    sys-proctable (1.3.0)
      ffi (~> 1.1)
    systemu (2.6.5)
    test-unit-minitest (0.9.1)
      minitest (~> 4.7)
    timeout (0.4.2)
    trailblazer-option (0.1.2)
    tzinfo (2.0.6)
      concurrent-ruby (~> 1.0)
    uber (0.1.0)
    uri (1.0.2)
    uuid (2.3.9)
      macaddr (~> 1.0)
    webrick (1.9.1)

PLATFORMS
  aarch64-linux
  arm64-darwin-22
  ruby
  x86_64-linux

DEPENDENCIES
  cube-ruby
  email_spec
  ffi
  goo!
  google-analytics-data
  google-apis-analytics_v3
  minitest (< 5.0)
  multi_json
  ncbo_annotator!
  ncbo_cron!
  oj (~> 3.0)
  ontologies_linked_data!
  parseconfig
  pony
  pry
  rake
  redis
  rest-client
  simplecov
  simplecov-cobertura
  sparql-client!
  sys-proctable
  test-unit-minitest
  webrick

BUNDLED WITH
   2.5.20
